GIT
  remote: git://github.com/brynary/rack-test.git
  revision: 5080d1e99de825bdd3b2b7bba34e5ac61cedd876
  specs:
    rack-test (0.6.2)
      rack (>= 1.0)

PATH
  remote: ../alf
  specs:
    alf (0.13.0)
      backports (~> 2.6)
      domain (~> 1.0.0.rc2)
      myrrha (~> 3.0.0.rc3)
      path (~> 1.3)
      quickl (~> 0.4.3)
      sexpr (~> 0.5.1)

PATH
  remote: ../alf-sequel
  specs:
    alf-sequel (0.13.0)
      alf (~> 0.13.0)
      sequel (~> 3.36)

GEM
  remote: http://rubygems.org/
  specs:
    activesupport (3.2.8)
      i18n (~> 0.6)
      multi_json (~> 1.0)
    awesome_print (1.1.0)
    backports (2.6.4)
    builder (3.1.3)
    colorize (0.5.8)
    columnize (0.3.6)
    cucumber (1.2.1)
      builder (>= 2.1.2)
      diff-lcs (>= 1.1.3)
      gherkin (~> 2.11.0)
      json (>= 1.4.6)
    debugger (1.2.0)
      columnize (>= 0.3.1)
      debugger-linecache (~> 1.1.1)
      debugger-ruby_core_source (~> 1.1.3)
    debugger-linecache (1.1.2)
      debugger-ruby_core_source (>= 1.1.1)
    debugger-ruby_core_source (1.1.3)
    diff-lcs (1.1.3)
    domain (1.0.0.rc2)
    gherkin (2.11.4)
      json (>= 1.4.6)
    i18n (0.6.1)
    json (1.7.5)
    letters (0.3.1)
      activesupport
      awesome_print
      colorize
      debugger
      xml-simple
    multi_json (1.3.6)
    myrrha (3.0.0.rc5)
      domain (~> 1.0.0.rc2)
    path (1.3.1)
    quickl (0.4.3)
    rack (1.4.1)
    rack-protection (1.2.0)
      rack
    rake (0.9.2.2)
    rspec (2.11.0)
      rspec-core (~> 2.11.0)
      rspec-expectations (~> 2.11.0)
      rspec-mocks (~> 2.11.0)
    rspec-core (2.11.1)
    rspec-expectations (2.11.3)
      diff-lcs (~> 1.1.3)
    rspec-mocks (2.11.3)
    sequel (3.40.0)
    sexpr (0.5.1)
    sinatra (1.3.3)
      rack (~> 1.3, >= 1.3.6)
      rack-protection (~> 1.2)
      tilt (~> 1.3, >= 1.3.3)
    sqlite3 (1.3.6)
    tilt (1.3.3)
    xml-simple (1.1.1)

PLATFORMS
  ruby

DEPENDENCIES
  alf!
  alf-sequel!
  cucumber (~> 1.2)
  jdbc-sqlite3 (~> 3.7)
  letters
  rack-test!
  rake (~> 0.9.2)
  rspec (~> 2.10)
  sinatra (~> 1.3, >= 1.3.2)
  sqlite3 (~> 1.3)
