GIT
  remote: git://github.com/alf-tool/alf-core
  revision: 115f88bd3e7c09d35e93e2e22e0931e9bf10f139
  specs:
    alf-core (0.13.0)
      domain (~> 1.0)
      myrrha (~> 3.0)
      path (~> 1.3)
      sexpr (~> 0.5.1)

GIT
  remote: git://github.com/alf-tool/alf-sequel
  revision: 9d25964980b83973475698c5b443005d99ea158d
  specs:
    alf-sequel (0.13.0)
      alf-core (~> 0.13.0)
      sequel (~> 3.36)

GIT
  remote: git://github.com/brynary/rack-test.git
  revision: 1b1e7308668391ac7498d67eb1927978f7634603
  specs:
    rack-test (0.6.2)
      rack (>= 1.0)

GEM
  remote: http://rubygems.org/
  specs:
    builder (3.1.4)
    cucumber (1.2.1)
      builder (>= 2.1.2)
      diff-lcs (>= 1.1.3)
      gherkin (~> 2.11.0)
      json (>= 1.4.6)
    diff-lcs (1.1.3)
    domain (1.0.0)
    gherkin (2.11.6)
      json (>= 1.7.6)
    json (1.7.6)
    myrrha (3.0.0)
      domain (~> 1.0)
    path (1.3.1)
    rack (1.5.2)
    rack-accept (0.4.5)
      rack (>= 0.4)
    rack-protection (1.3.2)
      rack
    rake (10.0.3)
    rspec (2.12.0)
      rspec-core (~> 2.12.0)
      rspec-expectations (~> 2.12.0)
      rspec-mocks (~> 2.12.0)
    rspec-core (2.12.2)
    rspec-expectations (2.12.1)
      diff-lcs (~> 1.1.3)
    rspec-mocks (2.12.2)
    sequel (3.44.0)
    sexpr (0.5.1)
    sinatra (1.3.4)
      rack (~> 1.4)
      rack-protection (~> 1.3)
      tilt (~> 1.3, >= 1.3.3)
    sqlite3 (1.3.7)
    tilt (1.3.3)

PLATFORMS
  ruby

DEPENDENCIES
  alf-core!
  alf-sequel!
  cucumber (~> 1.2)
  jdbc-sqlite3 (~> 3.7)
  rack-accept (~> 0.4.5)
  rack-test!
  rake (~> 10.0)
  rspec (~> 2.12)
  sinatra (~> 1.3, >= 1.3.2)
  sqlite3 (~> 1.3)
