GIT
  remote: git://github.com/blambeau/alf
  revision: d96e0821b697bb9b713c5549a846d94bbe7943cf
  specs:
    alf (0.13.0)
      backports (~> 2.6)
      epath (~> 0.4)
      myrrha (~> 1.2.2)
      quickl (~> 0.4.3)
      sexpr (~> 0.5.1)

GIT
  remote: git://github.com/blambeau/alf-sequel
  revision: 2546caaef3e3f6991db78c88b170453b677a791b
  specs:
    alf-sequel (0.13.0)
      alf (~> 0.13.0)
      sequel (~> 3.36)

GIT
  remote: git://github.com/brynary/rack-test.git
  revision: 8153c07db7a96889ad22e2fb543c64548dfde2e5
  specs:
    rack-test (0.6.1)
      rack (>= 1.0)

GEM
  remote: http://rubygems.org/
  specs:
    backports (2.6.2)
    builder (3.0.0)
    cucumber (1.2.1)
      builder (>= 2.1.2)
      diff-lcs (>= 1.1.3)
      gherkin (~> 2.11.0)
      json (>= 1.4.6)
    diff-lcs (1.1.3)
    epath (0.4.0)
    gherkin (2.11.1)
      json (>= 1.4.6)
    json (1.7.4)
    myrrha (1.2.2)
    quickl (0.4.3)
    rack (1.4.1)
    rack-protection (1.2.0)
      rack
    rake (0.9.2.2)
    rspec (2.11.0)
      rspec-core (~> 2.11.0)
      rspec-expectations (~> 2.11.0)
      rspec-mocks (~> 2.11.0)
    rspec-core (2.11.1)
    rspec-expectations (2.11.2)
      diff-lcs (~> 1.1.3)
    rspec-mocks (2.11.1)
    sequel (3.37.0)
    sexpr (0.5.1)
    sinatra (1.3.2)
      rack (~> 1.3, >= 1.3.6)
      rack-protection (~> 1.2)
      tilt (~> 1.3, >= 1.3.3)
    sqlite3 (1.3.6)
    tilt (1.3.3)

PLATFORMS
  ruby

DEPENDENCIES
  alf!
  alf-sequel!
  cucumber (~> 1.2)
  jdbc-sqlite3 (~> 3.7)
  rack-test!
  rake (~> 0.9.2)
  rspec (~> 2.10)
  sinatra (~> 1.3, >= 1.3.2)
  sqlite3 (~> 1.3)
