GIT
  remote: git://github.com/alf-tool/alf-core
  revision: 4f7c2869fe35e2f148a5b1c6efe13a21716a842b
  specs:
    alf-core (0.13.0)
      domain (~> 1.0.0.rc4)
      myrrha (~> 3.0.0.rc7)
      path (~> 1.3)
      quickl (~> 0.4.3)
      sexpr (~> 0.5.1)

GIT
  remote: git://github.com/alf-tool/alf-sequel
  revision: 4404e5e86bccd3aeda0cf9999f36ffd4f1de0381
  specs:
    alf-sequel (0.13.0)
      alf-core (~> 0.13.0)
      sequel (~> 3.36)

GIT
  remote: git://github.com/brynary/rack-test.git
  revision: 1b1e7308668391ac7498d67eb1927978f7634603
  specs:
    rack-test (0.6.2)
      rack (>= 1.0)

GEM
  remote: http://rubygems.org/
  specs:
    activesupport (3.2.9)
      i18n (~> 0.6)
      multi_json (~> 1.0)
    awesome_print (1.1.0)
    builder (3.1.4)
    colorize (0.5.8)
    columnize (0.3.6)
    cucumber (1.2.1)
      builder (>= 2.1.2)
      diff-lcs (>= 1.1.3)
      gherkin (~> 2.11.0)
      json (>= 1.4.6)
    debugger (1.2.2)
      columnize (>= 0.3.1)
      debugger-linecache (~> 1.1.1)
      debugger-ruby_core_source (~> 1.1.5)
    debugger-linecache (1.1.2)
      debugger-ruby_core_source (>= 1.1.1)
    debugger-ruby_core_source (1.1.5)
    diff-lcs (1.1.3)
    domain (1.0.0.rc4)
    gherkin (2.11.5)
      json (>= 1.4.6)
    i18n (0.6.1)
    json (1.7.5)
    letters (0.3.1)
      activesupport
      awesome_print
      colorize
      debugger
      xml-simple
    multi_json (1.3.7)
    myrrha (3.0.0.rc7)
      domain (~> 1.0.0.rc3)
    path (1.3.1)
    quickl (0.4.3)
    rack (1.4.1)
    rack-protection (1.2.0)
      rack
    rake (0.9.5)
    rspec (2.12.0)
      rspec-core (~> 2.12.0)
      rspec-expectations (~> 2.12.0)
      rspec-mocks (~> 2.12.0)
    rspec-core (2.12.0)
    rspec-expectations (2.12.0)
      diff-lcs (~> 1.1.3)
    rspec-mocks (2.12.0)
    sequel (3.43.0)
    sexpr (0.5.1)
    sinatra (1.3.3)
      rack (~> 1.3, >= 1.3.6)
      rack-protection (~> 1.2)
      tilt (~> 1.3, >= 1.3.3)
    sqlite3 (1.3.6)
    tilt (1.3.3)
    xml-simple (1.1.2)

PLATFORMS
  ruby

DEPENDENCIES
  alf-core!
  alf-sequel!
  cucumber (~> 1.2)
  jdbc-sqlite3 (~> 3.7)
  letters
  rack-test!
  rake (~> 0.9.2)
  rspec (~> 2.10)
  sinatra (~> 1.3, >= 1.3.2)
  sqlite3 (~> 1.3)
