GIT
  remote: git://github.com/alf-tool/alf-core
  revision: 8b968b49cb24baae7c7b5c01957ef49e7855932a
  specs:
    alf-core (0.14.0)
      domain (~> 1.0)
      myrrha (~> 3.0)
      path (~> 1.3)
      sexpr (~> 0.5.1)

GIT
  remote: git://github.com/alf-tool/alf-sequel
  revision: 9d7c76a82db9d3d8e15d32cd38b9f46c51c1e460
  specs:
    alf-sequel (0.14.0)
      alf-core (~> 0.14.0)
      sequel (~> 3.48)

GIT
  remote: git://github.com/brynary/rack-test.git
  revision: 280ff54f50d25dd70e2ec1c55049e5ef7de126f3
  specs:
    rack-test (0.6.2)
      rack (>= 1.0)

GEM
  remote: http://rubygems.org/
  specs:
    builder (3.2.2)
    cucumber (1.3.5)
      builder (>= 2.1.2)
      diff-lcs (>= 1.1.3)
      gherkin (~> 2.12.0)
      multi_json (~> 1.7.5)
      multi_test (>= 0.0.2)
    diff-lcs (1.2.4)
    domain (1.0.0)
    gherkin (2.12.0)
      multi_json (~> 1.3)
    multi_json (1.7.7)
    multi_test (0.0.2)
    myrrha (3.0.0)
      domain (~> 1.0)
    path (1.3.1)
    rack (1.5.2)
    rack-accept (0.4.5)
      rack (>= 0.4)
    rack-protection (1.5.0)
      rack
    rake (10.1.0)
    rspec (2.14.1)
      rspec-core (~> 2.14.0)
      rspec-expectations (~> 2.14.0)
      rspec-mocks (~> 2.14.0)
    rspec-core (2.14.4)
    rspec-expectations (2.14.0)
      diff-lcs (>= 1.1.3, < 2.0)
    rspec-mocks (2.14.1)
    sequel (3.48.0)
    sexpr (0.5.1)
    sinatra (1.4.3)
      rack (~> 1.4)
      rack-protection (~> 1.4)
      tilt (~> 1.3, >= 1.3.4)
    sqlite3 (1.3.7)
    tilt (1.4.1)

PLATFORMS
  ruby

DEPENDENCIES
  alf-core!
  alf-sequel!
  cucumber (~> 1.2)
  jdbc-sqlite3 (~> 3.7)
  rack-accept (~> 0.4.5)
  rack-test!
  rake (~> 10.0)
  rspec (~> 2.12)
  sinatra (~> 1.3, >= 1.3.2)
  sqlite3 (~> 1.3)
